GEM
  remote: https://rubygems.org/
  specs:
    commander-openflighthpc (1.1.2)
      highline (~> 1.7.2)
      paint (~> 2.1.0)
    equatable (0.6.1)
    highline (1.7.10)
    necromancer (0.5.1)
    paint (2.1.1)
    pastel (0.7.4)
      equatable (~> 0.6)
      tty-color (~> 0.5)
    tty-color (0.5.1)
    tty-config (0.4.0)
    tty-cursor (0.7.1)
    tty-prompt (0.21.0)
      necromancer (~> 0.5.0)
      pastel (~> 0.7.0)
      tty-reader (~> 0.7.0)
    tty-reader (0.7.0)
      tty-cursor (~> 0.7)
      tty-screen (~> 0.7)
      wisper (~> 2.0.0)
    tty-screen (0.8.0)
    wisper (2.0.1)

PLATFORMS
  ruby

DEPENDENCIES
  commander-openflighthpc (~> 1.1.0)
  tty-config
  tty-prompt

BUNDLED WITH
   2.1.4
